PATH
  remote: .
  specs:
    python-parser (1.0.0)
      rice (~> 2.0)

GEM
  remote: https://rubygems.org/
  specs:
    benchmark-ips (2.7.2)
    byebug (11.1.1)
    coderay (1.1.2)
    method_source (1.0.0)
    pry (0.13.0)
      coderay (~> 1.1)
      method_source (~> 1.0)
    pry-byebug (3.9.0)
      byebug (~> 11.0)
      pry (~> 0.13.0)
    rake (13.0.1)
    rice (2.2.0)

PLATFORMS
  ruby
  x86_64-darwin-17

DEPENDENCIES
  benchmark-ips
  pry-byebug
  python-parser!
  rake

BUNDLED WITH
   1.17.3
